GEM
  remote: https://rubygems.org/
  specs:
    backports (3.11.4)
    builder (3.2.3)
    clipboard (1.1.2)
    cnpj_utils (1.2.0)
    concurrent-ruby (1.0.5)
    cpf_faker (1.3.0)
      clipboard
    cpf_utils (1.3.0)
    cucumber (3.1.2)
      builder (>= 2.1.2)
      cucumber-core (~> 3.2.0)
      cucumber-expressions (~> 6.0.1)
      cucumber-wire (~> 0.0.1)
      diff-lcs (~> 1.3)
      gherkin (~> 5.1.0)
      multi_json (>= 1.7.5, < 2.0)
      multi_test (>= 0.1.2)
    cucumber-core (3.2.0)
      backports (>= 3.8.0)
      cucumber-tag_expressions (~> 1.1.0)
      gherkin (>= 5.0.0)
    cucumber-expressions (6.0.1)
    cucumber-tag_expressions (1.1.1)
    cucumber-wire (0.0.1)
    diff-lcs (1.3)
    documentos_br (1.1.0)
      cnpj_utils (~> 1.2.0)
      cpf_utils (~> 1.3.0)
      titulo_eleitor_utils (~> 1.1.0)
    faker (1.9.1)
      i18n (>= 0.7)
    gherkin (5.1.0)
    httparty (0.16.2)
      multi_xml (>= 0.5.2)
    i18n (1.1.0)
      concurrent-ruby (~> 1.0)
    json (2.1.0)
    multi_json (1.13.1)
    multi_test (0.1.2)
    multi_xml (0.6.0)
    report_builder (1.8)
      json (>= 1.8.1)
    rspec (3.8.0)
      rspec-core (~> 3.8.0)
      rspec-expectations (~> 3.8.0)
      rspec-mocks (~> 3.8.0)
    rspec-core (3.8.0)
      rspec-support (~> 3.8.0)
    rspec-expectations (3.8.1)
      diff-lcs (>= 1.2.0, < 2.0)
      rspec-support (~> 3.8.0)
    rspec-mocks (3.8.0)
      diff-lcs (>= 1.2.0, < 2.0)
      rspec-support (~> 3.8.0)
    rspec-support (3.8.0)
    ruby-oci8 (2.2.6)
    titulo_eleitor_utils (1.1.0)

PLATFORMS
  ruby

DEPENDENCIES
  cpf_faker
  cucumber
  documentos_br
  faker
  httparty
  json (= 2.1.0)
  report_builder
  rspec
  ruby-oci8 (~> 2.2, >= 2.2.2)

BUNDLED WITH
   1.16.4
